PATH
  remote: .
  specs:
    rails_cropperjs (0.1.2)

GEM
  remote: https://rubygems.org/
  specs:
    rake (10.5.0)

PLATFORMS
  ruby

DEPENDENCIES
  bundler (~> 1.8)
  rails_cropperjs!
  rake (~> 10.0)

BUNDLED WITH
   1.11.2
